GEM
  remote: https://rubygems.org/
  specs:
    thor (1.1.0)

PLATFORMS
  x86_64-darwin-21

DEPENDENCIES
  thor (~> 1.1.0)

RUBY VERSION
   ruby 3.1.3p185

BUNDLED WITH
   2.3.26
